PATH
  remote: .
  specs:
    mule (0.0.1)

GEM
  remote: http://rubygems.org/
  specs:
    rake (0.8.7)
    rspec (1.3.1)

PLATFORMS
  ruby

DEPENDENCIES
  mule!
  rake
  rspec (~> 1.3.0)
